GEM
  remote: https://rubygems.org/
  specs:
    coderay (1.1.1)
    faraday (0.9.2)
      multipart-post (>= 1.2, < 3)
    faraday_middleware (0.9.2)
      faraday (>= 0.7.4, < 0.10)
    hashie (4.1.0)
    json (2.3.1)
    method_source (0.8.2)
    mime-types (3.0)
      mime-types-data (~> 3.2015)
    mime-types-data (3.2016.0221)
    multi_json (1.11.2)
    multipart-post (2.0.0)
    mustermann (2.0.2)
      ruby2_keywords (~> 0.0.1)
    oauth (0.5.1)
    omniauth (1.9.1)
      hashie (>= 3.4.6)
      rack (>= 1.6.2, < 3)
    omniauth-oauth (1.1.0)
      oauth
      omniauth (~> 1.0)
    omniauth-tumblr (1.2)
      multi_json
      omniauth-oauth (~> 1.0)
    pry (0.10.3)
      coderay (~> 1.1.0)
      method_source (~> 0.8.1)
      slop (~> 3.4)
    rack (2.2.4)
    rack-protection (2.2.3)
      rack
    ruby2_keywords (0.0.5)
    simple_oauth (0.3.1)
    sinatra (2.2.3)
      mustermann (~> 2.0)
      rack (~> 2.2)
      rack-protection (= 2.2.3)
      tilt (~> 2.0)
    slop (3.6.0)
    tilt (2.0.11)
    tumblr_client (0.8.5)
      faraday (~> 0.9.0)
      faraday_middleware (~> 0.9.0)
      json
      mime-types
      oauth
      simple_oauth

PLATFORMS
  ruby

DEPENDENCIES
  oauth
  omniauth
  omniauth-tumblr
  pry
  sinatra
  tumblr_client

BUNDLED WITH
   1.11.2
